GEM
  specs:
    base64 (0.2.0)
    bigdecimal (3.1.8)
    logger (1.6.4)
    mustermann (3.0.4)
      ruby2_keywords (~> 0.0.1)
    rack (3.2.3)
    rack-protection (4.2.1)
      base64 (>= 0.1.0)
      logger (>= 1.6.0)
      rack (>= 3.0.0, < 4)
    rack-session (2.1.1)
      base64 (>= 0.1.0)
      rack (>= 3.0.0)
    ruby2_keywords (0.0.5)
    sequel (5.97.0)
      bigdecimal
    sinatra (4.2.1)
      logger (>= 1.6.0)
      mustermann (~> 3.0)
      rack (>= 3.0.0, < 4)
      rack-protection (= 4.2.1)
      rack-session (>= 2.0.0, < 3)
      tilt (~> 2.0)
    sqlite3 (2.7.4-arm64-darwin)
    tilt (2.6.1)

PLATFORMS
  arm64-darwin-24

DEPENDENCIES
  sequel (~> 5.97)
  sinatra (~> 4.2)
  sqlite3 (~> 2.7)

BUNDLED WITH
   2.7.2
